GEM
  remote: https://rubygems.org/
  specs:
    coderay (1.1.3)
    curb (0.9.10)
    method_source (1.0.0)
    mini_portile (0.6.2)
    mini_portile2 (2.4.0)
    nokogiri (1.10.10)
      mini_portile2 (~> 2.4.0)
    open-uri (0.1.0)
    pry (0.13.1)
      coderay (~> 1.1)
      method_source (~> 1.0)

PLATFORMS
  ruby

DEPENDENCIES
  bundler (~> 2.1, >= 2.1.4)
  coderay (~> 1.1, >= 1.1.3)
  curb (~> 0.9.10)
  method_source (~> 1.0)
  mini_portile (~> 0.6.2)
  nokogiri (~> 1.10, >= 1.10.10)
  open-uri
  pry (~> 0.13.1)

RUBY VERSION
   ruby 2.6.5p114

BUNDLED WITH
   2.1.4
